GIT
  remote: git://github.com/smkell/weyland.git
  revision: 98f241ba4d9294a2925304f7b03dd7b25f884465
  specs:
    weyland (0.2.0)
      thor

PATH
  remote: .
  specs:
    weyland_examples (0.1.0)

GEM
  remote: https://rubygems.org/
  specs:
    rake (10.4.2)
    thor (0.19.1)

PLATFORMS
  x86-mingw32

DEPENDENCIES
  bundler
  rake (~> 10.0)
  weyland (~> 0.2)!
  weyland_examples!
